GEM
  specs:
    actionmailer (4.0.0)
      actionpack (= 4.0.0)
      mail (~> 2.5.3)
    actionpack (4.0.0)
      activesupport (= 4.0.0)
      builder (~> 3.1.0)
      erubis (~> 2.7.0)
      rack (~> 1.5.2)
      rack-test (~> 0.6.2)
    activemodel (4.0.0)
      activesupport (= 4.0.0)
      builder (~> 3.1.0)
    activerecord (4.0.0)
      activemodel (= 4.0.0)
      activerecord-deprecated_finders (~> 1.0.2)
      activesupport (= 4.0.0)
      arel (~> 4.0.0)
    activerecord-deprecated_finders (1.0.3)
    activesupport (4.0.0)
      i18n (~> 0.6, >= 0.6.4)
      minitest (~> 4.2)
      multi_json (~> 1.3)
      thread_safe (~> 0.1)
      tzinfo (~> 0.3.37)
    arel (4.0.0)
    atomic (1.1.13)
    awesome_print (1.1.0)
    better_errors (0.9.0)
      coderay (>= 1.0.0)
      erubis (>= 2.6.6)
    builder (3.1.4)
    bullet (4.6.0)
      uniform_notifier
    capistrano (2.15.5)
      highline
      net-scp (>= 1.0.0)
      net-sftp (>= 2.0.0)
      net-ssh (>= 2.0.14)
      net-ssh-gateway (>= 1.1.0)
    code_analyzer (0.4.0)
      sexp_processor
    coderay (1.0.9)
    coffee-rails (4.0.0)
      coffee-script (>= 2.2.0)
      railties (>= 4.0.0.beta, < 5.0)
    coffee-script (2.2.0)
      coffee-script-source
      execjs
    coffee-script-source (1.6.3)
    colored (1.2)
    columnize (0.3.6)
    debugger (1.6.1)
      columnize (>= 0.3.1)
      debugger-linecache (~> 1.2.0)
      debugger-ruby_core_source (~> 1.2.3)
    debugger-linecache (1.2.0)
    debugger-ruby_core_source (1.2.3)
    diff-lcs (1.2.4)
    erubis (2.7.0)
    execjs (1.4.0)
      multi_json (~> 1.0)
    factory_girl (4.2.0)
      activesupport (>= 3.0.0)
    factory_girl_rails (4.2.1)
      factory_girl (~> 4.2.0)
      railties (>= 3.0.0)
    ffi (1.9.0)
    flay (2.4.0)
      ruby_parser (~> 3.0)
      sexp_processor (~> 4.0)
    formatador (0.2.4)
    guard (1.8.2)
      formatador (>= 0.2.4)
      listen (>= 1.0.0)
      lumberjack (>= 1.0.2)
      pry (>= 0.9.10)
      thor (>= 0.14.6)
    highline (1.6.19)
    hike (1.2.3)
    i18n (0.6.5)
    jbuilder (1.5.0)
      activesupport (>= 3.0.0)
      multi_json (>= 1.2.0)
    jquery-rails (3.0.4)
      railties (>= 3.0, < 5.0)
      thor (>= 0.14, < 2.0)
    jquery-ui-rails (4.0.4)
      jquery-rails
      railties (>= 3.1.0)
    json (1.8.0)
    listen (1.3.0)
      rb-fsevent (>= 0.9.3)
      rb-inotify (>= 0.9)
      rb-kqueue (>= 0.2)
    lumberjack (1.0.4)
    mail (2.5.4)
      mime-types (~> 1.16)
      treetop (~> 1.4.8)
    method_source (0.8.2)
    mime-types (1.24)
    minitest (4.7.5)
    multi_json (1.7.9)
    net-scp (1.1.2)
      net-ssh (>= 2.6.5)
    net-sftp (2.1.2)
      net-ssh (>= 2.6.5)
    net-ssh (2.6.8)
    net-ssh-gateway (1.2.0)
      net-ssh (>= 2.6.5)
    polyglot (0.3.3)
    pry (0.9.12.2)
      coderay (~> 1.0.5)
      method_source (~> 0.8)
      slop (~> 3.4)
    puma (2.5.1)
    rack (1.5.2)
    rack-test (0.6.2)
      rack (>= 1.0)
    rails (4.0.0)
      actionmailer (= 4.0.0)
      actionpack (= 4.0.0)
      activerecord (= 4.0.0)
      activesupport (= 4.0.0)
      bundler (>= 1.3.0, < 2.0)
      railties (= 4.0.0)
      sprockets-rails (~> 2.0.0)
    rails_best_practices (1.14.1)
      activesupport
      awesome_print
      code_analyzer (>= 0.4.0)
      colored
      erubis
      i18n
      require_all
      ruby-progressbar
    railties (4.0.0)
      actionpack (= 4.0.0)
      activesupport (= 4.0.0)
      rake (>= 0.8.7)
      thor (>= 0.18.1, < 2.0)
    rake (10.1.0)
    rb-fsevent (0.9.3)
    rb-inotify (0.9.1)
      ffi (>= 0.5.0)
    rb-kqueue (0.2.0)
      ffi (>= 0.5.0)
    rdoc (3.12.2)
      json (~> 1.4)
    redis (3.0.4)
    require_all (1.2.1)
    rspec (2.14.1)
      rspec-core (~> 2.14.0)
      rspec-expectations (~> 2.14.0)
      rspec-mocks (~> 2.14.0)
    rspec-core (2.14.5)
    rspec-expectations (2.14.2)
      diff-lcs (>= 1.1.3, < 2.0)
    rspec-mocks (2.14.3)
    ruby-progressbar (1.2.0)
    ruby_parser (3.2.2)
      sexp_processor (~> 4.1)
    sass (3.2.10)
    sass-rails (4.0.0)
      railties (>= 4.0.0.beta, < 5.0)
      sass (>= 3.1.10)
      sprockets-rails (~> 2.0.0)
    sass-twitter-bootstrap-rails (1.0.2)
      railties (>= 3.1)
    sdoc (0.3.20)
      json (>= 1.1.3)
      rdoc (~> 3.10)
    sexp_processor (4.2.1)
    simple_form (1.4.1)
    slim (2.0.1)
      temple (~> 0.6.6)
      tilt (>= 1.3.3, < 2.1)
    slim-rails (2.0.1)
      actionpack (>= 3.0, < 4.1)
      activesupport (>= 3.0, < 4.1)
      railties (>= 3.0, < 4.1)
      slim (~> 2.0)
    slop (3.4.6)
    sprockets (2.10.0)
      hike (~> 1.2)
      multi_json (~> 1.0)
      rack (~> 1.0)
      tilt (~> 1.1, != 1.3.0)
    sprockets-rails (2.0.0)
      actionpack (>= 3.0)
      activesupport (>= 3.0)
      sprockets (~> 2.8)
    sqlite3 (1.3.7)
    sqlite3 (1.3.7-x86-mingw32)
    temple (0.6.6)
    thor (0.18.1)
    thread_safe (0.1.2)
      atomic
    tilt (1.4.1)
    treetop (1.4.14)
      polyglot
      polyglot (>= 0.3.1)
    turbolinks (1.3.0)
      coffee-rails
    twitter-typeahead-rails (0.9.2)
      actionpack (>= 3.1)
      jquery-rails
      railties (>= 3.1)
    tzinfo (0.3.37)
    uglifier (2.1.2)
      execjs (>= 0.3.0)
      multi_json (~> 1.0, >= 1.0.2)
    uniform_notifier (1.2.0)
    win32console (1.3.2-x86-mingw32)

PLATFORMS
  ruby
  x86-mingw32

DEPENDENCIES
  better_errors
  bullet
  capistrano
  debugger
  factory_girl_rails
  flay
  guard
  jbuilder (~> 1.2)
  jquery-rails
  jquery-ui-rails
  puma
  rails (= 4.0.0)
  rails_best_practices
  redis
  rspec
  sass-rails (~> 4.0.0)
  sass-twitter-bootstrap-rails
  sdoc
  simple_form
  slim-rails
  sqlite3
  turbolinks
  twitter-typeahead-rails
  uglifier (>= 1.3.0)
